PATH
  remote: .
  specs:
    faraday_middleware-emarsys (0.1.0)
      escher-keypool
      faraday
      faraday_middleware-escher

GEM
  remote: https://rubygems.org/
  specs:
    addressable (2.5.0)
      public_suffix (~> 2.0, >= 2.0.2)
    diff-lcs (1.2.5)
    escher (0.4.3)
      addressable (~> 2.3)
    escher-keypool (0.0.1)
    faraday (0.10.0)
      multipart-post (>= 1.2, < 3)
    faraday_middleware-escher (0.3.4)
      escher
      faraday
    multipart-post (2.0.0)
    public_suffix (2.0.4)
    rake (10.5.0)
    rspec (3.5.0)
      rspec-core (~> 3.5.0)
      rspec-expectations (~> 3.5.0)
      rspec-mocks (~> 3.5.0)
    rspec-core (3.5.4)
      rspec-support (~> 3.5.0)
    rspec-expectations (3.5.0)
      diff-lcs (>= 1.2.0, < 2.0)
      rspec-support (~> 3.5.0)
    rspec-mocks (3.5.0)
      diff-lcs (>= 1.2.0, < 2.0)
      rspec-support (~> 3.5.0)
    rspec-support (3.5.0)

PLATFORMS
  ruby

DEPENDENCIES
  bundler (~> 1.12)
  faraday_middleware-emarsys!
  rake (~> 10.0)
  rspec (~> 3.0)

BUNDLED WITH
   1.12.5
